GEM
  remote: https://rubygems.org/
  specs:
    RubyInline (3.12.2)
      ZenTest (~> 4.3)
    ZenTest (4.10.0)
    actionmailer (4.0.4)
      actionpack (= 4.0.4)
      mail (~> 2.5.4)
    actionpack (4.0.4)
      activesupport (= 4.0.4)
      builder (~> 3.1.0)
      erubis (~> 2.7.0)
      rack (~> 1.5.2)
      rack-test (~> 0.6.2)
    activemodel (4.0.4)
      activesupport (= 4.0.4)
      builder (~> 3.1.0)
    activerecord (4.0.4)
      activemodel (= 4.0.4)
      activerecord-deprecated_finders (~> 1.0.2)
      activesupport (= 4.0.4)
      arel (~> 4.0.0)
    activerecord-deprecated_finders (1.0.3)
    activesupport (4.0.4)
      i18n (~> 0.6, >= 0.6.9)
      minitest (~> 4.2)
      multi_json (~> 1.3)
      thread_safe (~> 0.1)
      tzinfo (~> 0.3.37)
    acts-as-taggable-on (3.0.2)
      rails (>= 3, < 5)
    addressable (2.3.6)
    arel (4.0.2)
    atomic (1.1.16)
    awesome_print (1.2.0)
    better_errors (1.1.0)
      coderay (>= 1.0.0)
      erubis (>= 2.6.6)
    bind-it (0.2.7)
      rjb (~> 1.4.3)
    binding_of_caller (0.7.2)
      debug_inspector (>= 0.0.1)
    birch (0.0.8)
    bootstrap-sass (3.1.1.0)
      sass (~> 3.2)
    bourbon (3.1.8)
      sass (>= 3.2.0)
      thor
    buftok (0.2.0)
    builder (3.1.4)
    capybara (2.2.1)
      mime-types (>= 1.16)
      nokogiri (>= 1.3.3)
      rack (>= 1.0.0)
      rack-test (>= 0.5.4)
      xpath (~> 2.0)
    celluloid (0.15.2)
      timers (~> 1.1.0)
    chronic (0.10.2)
    coderay (1.1.0)
    coffee-rails (4.0.1)
      coffee-script (>= 2.2.0)
      railties (>= 4.0.0, < 5.0)
    coffee-script (2.2.0)
      coffee-script-source
      execjs
    coffee-script-source (1.7.0)
    colored (1.2)
    commonjs (0.2.7)
    connection_pool (2.0.0)
    coolline (0.4.3)
    daemons (1.1.9)
    database_cleaner (1.0.1)
    debug_inspector (0.0.2)
    decisiontree (0.4.0)
    designmodo-flatuipro-rails (1.2.5.0.branch)
      jquery-rails (>= 2.2.1)
      jquery-ui-rails (>= 4.0.3)
      less-rails-bootstrap
    diff-lcs (1.2.5)
    dotenv (0.10.0)
    dotenv-rails (0.10.0)
      dotenv (= 0.10.0)
    email_spec (1.5.0)
      launchy (~> 2.1)
      mail (~> 2.2)
    engtagger (0.2.0)
    equalizer (0.0.9)
    erubis (2.7.0)
    eventmachine (1.0.3)
    execjs (2.0.2)
    factory_girl (4.4.0)
      activesupport (>= 3.0.0)
    factory_girl_rails (4.4.1)
      factory_girl (~> 4.4.0)
      railties (>= 3.0.0)
    faraday (0.9.0)
      multipart-post (>= 1.2, < 3)
    fast-stemmer (1.0.2)
    fastimage (1.6.1)
      addressable (~> 2.3, >= 2.3.5)
    ffi (1.1.5)
    foreigner (1.6.1)
      activerecord (>= 3.0.0)
    foreman (0.63.0)
      dotenv (>= 0.7)
      thor (>= 0.13.6)
    fuzzy-string-match (0.9.6)
      RubyInline (>= 3.8.6)
      RubyInline (>= 3.8.6)
    graphr (0.2.1)
    haml (4.1.0.beta.1)
      tilt
    haml-rails (0.5.3)
      actionpack (>= 4.0.1)
      activesupport (>= 4.0.1)
      haml (>= 3.1, < 5.0)
      railties (>= 4.0.1)
    hashie (2.0.5)
    hike (1.2.3)
    hpricot (0.8.6)
    html2haml (1.0.1)
      erubis (~> 2.7.0)
      haml (>= 4.0.0.rc.1)
      hpricot (~> 0.8.6)
      ruby_parser (~> 3.1.1)
    http (0.5.0)
      http_parser.rb
    http_parser.rb (0.6.0)
    hub (1.12.0)
    i18n (0.6.9)
    immigrant (0.1.6)
      activerecord (>= 3.0)
      foreigner (>= 1.2.1)
    jbuilder (1.5.3)
      activesupport (>= 3.0.0)
      multi_json (>= 1.2.0)
    jquery-rails (3.1.0)
      railties (>= 3.0, < 5.0)
      thor (>= 0.14, < 2.0)
    jquery-ui-rails (4.2.0)
      railties (>= 3.2.16)
    json (1.8.1)
    jwt (0.1.11)
      multi_json (>= 1.5)
    koala (1.9.0)
      addressable
      faraday
      multi_json
    kronic (1.1.3)
    launchy (2.4.2)
      addressable (~> 2.3)
    less (2.5.0)
      commonjs (~> 0.2.7)
    less-rails (2.5.0)
      actionpack (>= 3.1)
      less (~> 2.5.0)
    less-rails-bootstrap (3.1.1.1)
      less-rails (~> 2.5.0)
    levenshtein-ffi (1.0.3)
      ffi
      ffi (~> 1.1.5)
    liblinear-ruby-swig (0.2.1)
    libv8 (3.16.14.3)
    linguistics (2.0.3)
      loggability (~> 0.7)
    loggability (0.11.0)
    mail (2.5.4)
      mime-types (~> 1.16)
      treetop (~> 1.4.8)
    memoizable (0.4.2)
      thread_safe (~> 0.3, >= 0.3.1)
    metainspector (2.1.0)
      addressable (~> 2.3.5)
      nokogiri (~> 1.6)
      open_uri_redirections (~> 0.1.4)
    method_source (0.8.2)
    mime-types (1.25.1)
    mini_portile (0.5.3)
    minitest (4.7.5)
    multi_json (1.9.2)
    multi_xml (0.5.5)
    multipart-post (2.0.0)
    mysql2 (0.3.15)
    naught (1.0.0)
    net-http-persistent (2.9.4)
    nickel (0.1.5)
    nokogiri (1.6.1)
      mini_portile (~> 0.5.0)
    oauth (0.4.7)
    oauth2 (0.9.3)
      faraday (>= 0.8, < 0.10)
      jwt (~> 0.1.8)
      multi_json (~> 1.3)
      multi_xml (~> 0.5)
      rack (~> 1.2)
    omniauth (1.2.1)
      hashie (>= 1.2, < 3)
      rack (~> 1.0)
    omniauth-facebook (1.6.0)
      omniauth-oauth2 (~> 1.1)
    omniauth-oauth (1.0.1)
      oauth
      omniauth (~> 1.0)
    omniauth-oauth2 (1.1.2)
      faraday (>= 0.8, < 0.10)
      multi_json (~> 1.3)
      oauth2 (~> 0.9.3)
      omniauth (~> 1.2)
    omniauth-pocket (0.1.0)
      omniauth (~> 1.0)
      omniauth-oauth2 (~> 1.0)
    omniauth-twitter (1.0.1)
      multi_json (~> 1.3)
      omniauth-oauth (~> 1.0)
    open-nlp (0.1.4)
      bind-it (~> 0.2.5)
    open_uri_redirections (0.1.4)
    pismo (0.7.4)
      awesome_print
      chronic
      fast-stemmer
      nokogiri
      sanitize
    polyglot (0.3.4)
    progressbar (0.21.0)
    pry (0.9.12.6)
      coderay (~> 1.0)
      method_source (~> 0.8)
      slop (~> 3.4)
    pry-coolline (0.2.4)
      coolline (~> 0.3)
    pry-nav (0.2.3)
      pry (~> 0.9.10)
    pry-rails (0.3.2)
      pry (>= 0.9.10)
    pry-remote (0.1.8)
      pry (~> 0.9)
      slop (~> 3.0)
    punkt-segmenter (0.9.1)
      unicode_utils (>= 1.0.0)
    quiet_assets (1.0.2)
      railties (>= 3.1, < 5.0)
    rack (1.5.2)
    rack-protection (1.5.2)
      rack
    rack-test (0.6.2)
      rack (>= 1.0)
    rails (4.0.4)
      actionmailer (= 4.0.4)
      actionpack (= 4.0.4)
      activerecord (= 4.0.4)
      activesupport (= 4.0.4)
      bundler (>= 1.3.0, < 2.0)
      railties (= 4.0.4)
      sprockets-rails (~> 2.0.0)
    rails_layout (1.0.13)
    railties (4.0.4)
      actionpack (= 4.0.4)
      activesupport (= 4.0.4)
      rake (>= 0.8.7)
      thor (>= 0.18.1, < 2.0)
    rake (10.2.1)
    rb-libsvm (1.1.5)
    rbtagger (0.4.7)
    redis (3.0.7)
    redis-namespace (1.4.1)
      redis (~> 3.0.4)
    ref (1.0.5)
    rjb (1.4.9)
    rspec-core (2.14.8)
    rspec-expectations (2.14.5)
      diff-lcs (>= 1.1.3, < 2.0)
    rspec-mocks (2.14.6)
    rspec-rails (2.14.2)
      actionpack (>= 3.0)
      activemodel (>= 3.0)
      activesupport (>= 3.0)
      railties (>= 3.0)
      rspec-core (~> 2.14.0)
      rspec-expectations (~> 2.14.0)
      rspec-mocks (~> 2.14.0)
    ruby-fann (1.2.6)
    ruby-stemmer (0.9.3)
    ruby_parser (3.1.3)
      sexp_processor (~> 4.1)
    rubyzip (0.9.9)
    rwordnet (0.1.3)
    sanitize (2.1.0)
      nokogiri (>= 1.4.4)
    sass (3.2.18)
    sass-rails (4.0.2)
      railties (>= 4.0.0, < 5.0)
      sass (~> 3.2.0)
      sprockets (~> 2.8, <= 2.11.0)
      sprockets-rails (~> 2.0.0)
    scalpel (0.2.1)
    schiphol (1.0.1)
      progressbar (>= 0.10.0)
      rubyzip (~> 0.9.9)
    sexp_processor (4.4.3)
    sidekiq (2.17.7)
      celluloid (>= 0.15.2)
      connection_pool (>= 1.0.0)
      json
      redis (>= 3.0.6)
      redis-namespace (>= 1.3.1)
    simple_form (3.0.1)
      actionpack (>= 4.0.0, < 4.1)
      activemodel (>= 4.0.0, < 4.1)
    simple_oauth (0.2.0)
    sinatra (1.4.4)
      rack (~> 1.4)
      rack-protection (~> 1.4)
      tilt (~> 1.3, >= 1.3.4)
    slop (3.5.0)
    sprockets (2.11.0)
      hike (~> 1.2)
      multi_json (~> 1.0)
      rack (~> 1.0)
      tilt (~> 1.1, != 1.3.0)
    sprockets-rails (2.0.1)
      actionpack (>= 3.0)
      activesupport (>= 3.0)
      sprockets (~> 2.8)
    srx-english (0.1.2)
      term-ansicolor (~> 1.0.5)
    stanford-core-nlp (0.5.1)
      bind-it (~> 0.2.5)
    tactful_tokenizer (0.0.2)
    term-ansicolor (1.0.7)
    tf-idf-similarity (0.1.3)
    therubyracer (0.12.1)
      libv8 (~> 3.16.14.0)
      ref
    thin (1.6.2)
      daemons (>= 1.0.9)
      eventmachine (>= 1.0.0)
      rack (>= 1.0.0)
    thor (0.19.1)
    thread_safe (0.3.1)
      atomic (>= 1.1.7, < 2)
    tilt (1.4.1)
    timers (1.1.0)
    treat (2.0.7)
      birch
      schiphol
      yomu
    treetop (1.4.15)
      polyglot
      polyglot (>= 0.3.1)
    turbolinks (2.2.1)
      coffee-rails
    twitter (5.8.0)
      addressable (~> 2.3)
      buftok (~> 0.2.0)
      equalizer (~> 0.0.9)
      faraday (~> 0.9.0)
      http (~> 0.5.0)
      http_parser.rb (~> 0.6.0)
      json (~> 1.8)
      memoizable (~> 0.4.0)
      naught (~> 1.0)
      simple_oauth (~> 0.2.0)
    tzinfo (0.3.39)
    uea-stemmer (0.10.1)
    uglifier (2.5.0)
      execjs (>= 0.3.0)
      json (>= 1.8.0)
    unicode_utils (1.4.0)
    whatlanguage (1.0.5)
    will_paginate (3.0.5)
    will_paginate-bootstrap (1.0.0)
      will_paginate (>= 3.0.3)
    xpath (2.0.0)
      nokogiri (~> 1.3)
    yomu (0.1.10)
      mime-types (~> 1.23)
    zip (2.0.2)

PLATFORMS
  ruby

DEPENDENCIES
  activesupport
  acts-as-taggable-on
  awesome_print
  better_errors
  binding_of_caller
  bootstrap-sass
  bourbon
  capybara
  chronic
  coffee-rails (~> 4.0.0)
  colored
  database_cleaner (= 1.0.1)
  decisiontree
  designmodo-flatuipro-rails (~> 1.2.5.0.branch)
  dotenv-rails
  email_spec
  engtagger
  factory_girl_rails
  fastimage
  foreman
  fuzzy-string-match
  graphr
  haml-rails
  html2haml
  hub
  immigrant
  jbuilder (~> 1.2)
  jquery-rails
  jquery-ui-rails
  koala
  kronic
  less-rails-bootstrap
  levenshtein-ffi
  liblinear-ruby-swig
  linguistics
  metainspector
  mysql2
  net-http-persistent
  nickel
  omniauth
  omniauth-facebook
  omniauth-pocket
  omniauth-twitter
  open-nlp
  pismo
  pry
  pry-coolline
  pry-nav
  pry-rails
  pry-remote
  punkt-segmenter
  quiet_assets
  rails (= 4.0.4)
  rails_layout
  rb-libsvm
  rbtagger
  rspec-rails
  ruby-fann
  ruby-stemmer
  rwordnet
  sass-rails (~> 4.0.2)
  scalpel
  sidekiq
  simple_form
  sinatra (>= 1.3.0)
  srx-english
  stanford-core-nlp
  tactful_tokenizer
  tf-idf-similarity
  therubyracer
  thin
  treat
  turbolinks
  twitter
  uea-stemmer
  uglifier (>= 1.3.0)
  whatlanguage
  will_paginate
  will_paginate-bootstrap
  zip
